GEM
  remote: https://rubygems.org/
  specs:
    honeybadger (4.7.0)

PLATFORMS
  ruby

DEPENDENCIES
  honeybadger (~> 4.0)

BUNDLED WITH
   2.1.4
